PATH
  remote: .
  specs:
    nostr_ruby (0.2.0)
      base64 (~> 0.1.1)
      bech32 (~> 1.4.0)
      bip-schnorr (~> 0.4.0)
      json (~> 2.6.2)
      unicode-emoji (~> 3.3.1)
      websocket-client-simple (~> 0.6.0)

GEM
  remote: https://rubygems.org/
  specs:
    base64 (0.1.1)
    bech32 (1.4.2)
      thor (>= 1.1.0)
    bip-schnorr (0.4.0)
      ecdsa (~> 1.2.0)
    ecdsa (1.2.0)
    event_emitter (0.2.6)
    json (2.6.3)
    thor (1.2.1)
    unicode-emoji (3.3.1)
      unicode-version (~> 1.0)
    unicode-version (1.3.0)
    websocket (1.2.9)
    websocket-client-simple (0.6.0)
      event_emitter
      websocket

PLATFORMS
  arm64-darwin-21

DEPENDENCIES
  nostr_ruby!

BUNDLED WITH
   2.3.14
